REDIRECTS: ON
CONTENT: NONE
NUGET
  remote: https://www.nuget.org/api/v2
  specs:
    Deedle (1.2.4)
    FAKE (4.21.4) - content: none
    FSharp.Azure.StorageTypeProvider (1.4.1)
      WindowsAzure.Storage (>= 6.0.0)
    FSharp.Compiler.Service (2.0.0.6) - content: none
    FSharp.Core (4.0.0.1) - content: none
    FSharp.Data (2.2.5)
      Zlib.Portable (>= 1.10.0) - framework: portable-net40+sl50+wp80+win80
    FSharp.Data.SqlClient (1.8.1)
    FSharp.Formatting (2.14.0) - content: none
      FSharp.Compiler.Service (>= 2.0.0.3 < 2.1.0)
      FSharpVSPowerTools.Core (>= 2.3.0 < 2.4.0)
    FSharpVSPowerTools.Core (2.3.0) - content: none
      FSharp.Compiler.Service (>= 2.0.0.3)
    FsReveal (1.2.1) - content: none
      FSharp.Formatting (>= 2.11.0)
    Google.DataTable.Net.Wrapper (3.1.2)
    Http.fs (1.5.1)
    Microsoft.Azure.KeyVault.Core (1.0.0) - framework: >= net40, wpv8.0
    Microsoft.Data.Edm (5.7.0) - framework: >= net40, winv4.5, wpv8.1, wpv8.0
    Microsoft.Data.OData (5.7.0) - framework: >= net40, winv4.5, wpv8.1, wpv8.0
      Microsoft.Data.Edm (5.7.0)
      System.Spatial (5.7.0)
    Microsoft.Data.Services.Client (5.7.0) - framework: >= net40
      Microsoft.Data.OData (5.7.0)
    Newtonsoft.Json (8.0.2)
    Suave (1.1.1) - content: none
      FSharp.Core (>= 3.1.2.5)
    System.Spatial (5.7.0) - framework: >= net40, winv4.5, wpv8.1, wpv8.0
    WindowsAzure.Storage (6.2.0)
      Microsoft.Azure.KeyVault.Core (>= 1.0.0) - framework: >= net40, wpv8.0
      Microsoft.Data.OData (>= 5.6.4) - framework: >= net40, winv4.5, wpv8.1, wpv8.0
      Microsoft.Data.Services.Client (>= 5.6.4) - framework: >= net40
      Newtonsoft.Json (>= 6.0.8) - framework: >= net40, winv4.5, wpv8.1, wpv8.0
    XPlot.GoogleCharts (1.3.1)
      Google.DataTable.Net.Wrapper
      Newtonsoft.Json
    XPlot.GoogleCharts.WPF (1.3.1)
      XPlot.GoogleCharts (>= 1.3.1)
    XPlot.Plotly (1.3.1)
      Http.fs
      Newtonsoft.Json
    XPlot.Plotly.WPF (1.3.1)
      XPlot.Plotly (>= 1.3.1)
    Zlib.Portable (1.11.0) - framework: portable-net40+sl50+wp80+win80
GITHUB
  remote: fsprojects/FsReveal
  specs:
    build.fsx (778015d26ba4417b7b0904375670949485fa9d8a) .
      FAKE
      FsReveal
      Suave