REDIRECTS: ON
CONTENT: NONE
FRAMEWORK: NET452
NUGET
  remote: https://www.nuget.org/api/v2
  specs:
    Argu (2.1)
    Deedle (1.2.4)
    FAKE (4.21.4) - content: none
    FSharp.Azure.StorageTypeProvider (1.4.1)
      WindowsAzure.Storage (>= 6.0.0)
    FSharp.Compiler.Service (2.0.0.6) - content: none
    FSharp.Core (4.0.0.1)
    FSharp.Data (2.2.5)
    FSharp.Data.SqlClient (1.8.1)
    FSharp.Formatting (2.14.0) - content: none
      FSharp.Compiler.Service (>= 2.0.0.3 < 2.1.0)
      FSharpVSPowerTools.Core (>= 2.3.0 < 2.4.0)
    FSharpVSPowerTools.Core (2.3.0) - content: none
      FSharp.Compiler.Service (>= 2.0.0.3)
    FsPickler (1.8.1)
    FsPickler.Json (1.8.1)
      FsPickler (1.8.1)
      Newtonsoft.Json (>= 6.0.5)
    FsReveal (1.2.1) - content: none
      FSharp.Formatting (>= 2.11.0)
    Google.DataTable.Net.Wrapper (3.1.2)
    Http.fs (1.5.1)
    MBrace.Core (1.1.2)
    MBrace.Flow (1.1.2)
      FSharp.Core (>= 3.0.0)
      MBrace.Core (1.1.2)
      Streams (>= 0.4.0 < 0.5.0)
    MBrace.Runtime (1.1.2)
      FsPickler (>= 1.8.0 < 1.9.0)
      FsPickler.Json (>= 1.8.0 < 1.9.0)
      MBrace.Core (1.1.2)
      Vagabond (>= 0.12.7 < 0.13.0)
    MBrace.Thespian (1.1.2)
      Argu (>= 2.0.0 < 3.0.0)
      FsPickler (>= 1.8.0 < 1.9.0)
      MBrace.Core (1.1.2)
      MBrace.Runtime (1.1.2)
      Thespian (>= 0.1.10-alpha < 0.2.0)
      Vagabond (>= 0.12.7 < 0.13.0)
    Microsoft.Azure.KeyVault.Core (1.0.0)
    Microsoft.Data.Edm (5.7.0)
    Microsoft.Data.OData (5.7.0)
      Microsoft.Data.Edm (5.7.0)
      System.Spatial (5.7.0)
    Microsoft.Data.Services.Client (5.7.0)
      Microsoft.Data.OData (5.7.0)
    Mono.Cecil (0.9.6.1)
    Newtonsoft.Json (8.0.2)
    Streams (0.4.1)
    Suave (1.1.1) - content: none
      FSharp.Core (>= 3.1.2.5)
    System.Spatial (5.7.0)
    Thespian (0.1.10-alpha)
      FsPickler (>= 1.8.0)
    Vagabond (0.12.7)
      FsPickler (>= 1.8.0 < 1.9.0)
      Mono.Cecil (>= 0.9.6.1 < 0.9.7)
    WindowsAzure.Storage (6.2.0)
      Microsoft.Azure.KeyVault.Core (>= 1.0.0)
      Microsoft.Data.OData (>= 5.6.4)
      Microsoft.Data.Services.Client (>= 5.6.4)
      Newtonsoft.Json (>= 6.0.8)
    XPlot.GoogleCharts (1.3.1)
      Google.DataTable.Net.Wrapper
      Newtonsoft.Json
    XPlot.GoogleCharts.WPF (1.3.1)
      XPlot.GoogleCharts (>= 1.3.1)
    XPlot.Plotly (1.3.1)
      Http.fs
      Newtonsoft.Json
    XPlot.Plotly.WPF (1.3.1)
      XPlot.Plotly (>= 1.3.1)
GITHUB
  remote: fsprojects/FsReveal
  specs:
    build.fsx (778015d26ba4417b7b0904375670949485fa9d8a) .
      FAKE
      FsReveal
      Suave